GEM
  remote: https://rubygems.org/
  specs:
    better_errors (2.1.1)
      coderay (>= 1.0.0)
      erubis (>= 2.6.6)
      rack (>= 0.9.0)
    binding_of_caller (0.7.2)
      debug_inspector (>= 0.0.1)
    coderay (1.1.0)
    debug_inspector (0.0.2)
    erubis (2.7.0)
    kgio (2.9.3)
    method_source (0.8.2)
    pry (0.10.1)
      coderay (~> 1.1.0)
      method_source (~> 0.8.1)
      slop (~> 3.4)
    rack (1.6.2)
    rack-unreloader (1.3.0)
    raindrops (0.13.0)
    rake (10.4.2)
    roda (2.4.0)
      rack
    sequel (4.23.0)
    slop (3.6.0)
    sqlite3 (1.3.10)
    tilt (2.0.1)
    unicorn (4.9.0)
      kgio (~> 2.6)
      rack
      raindrops (~> 0.7)
    yuicompressor (1.3.3)

PLATFORMS
  ruby

DEPENDENCIES
  better_errors
  binding_of_caller
  pry
  rack-unreloader
  rake
  roda
  sequel
  sqlite3
  tilt
  unicorn
  yuicompressor

BUNDLED WITH
   1.10.4
