GEM
  remote: https://rubygems.org/
  specs:
    coderay (1.1.0)
    ffi (1.9.8-java)
    jdbc-sqlite3 (3.8.7)
    method_source (0.8.2)
    pry (0.10.1-java)
      coderay (~> 1.1.0)
      method_source (~> 0.8.1)
      slop (~> 3.4)
      spoon (~> 0.0)
    puma (2.11.2-java)
      rack (>= 1.1, < 2.0)
    rack (1.6.0)
    rake (10.4.2)
    roda (2.2.0)
      rack
    sequel (4.21.0)
    slop (3.6.0)
    spoon (0.0.4)
      ffi
    tilt (2.0.1)
    yuicompressor (1.3.3)

PLATFORMS
  java

DEPENDENCIES
  jdbc-sqlite3
  pry
  puma
  rake
  roda
  sequel
  tilt
  yuicompressor
